GEM
  remote: https://rubygems.org/
  specs:
    colorize (0.7.5)
    htmlentities (4.3.3)
    httparty (0.13.3)
      json (~> 1.8)
      multi_xml (>= 0.5.2)
    json (1.8.2)
    mini_portile2 (2.4.0)
    multi_xml (0.5.5)
    nokogiri (1.10.10)
      mini_portile2 (~> 2.4.0)
    sqlite3 (1.3.11)
    terminal-notifier (1.6.3)
    terminal-table (1.5.2)

PLATFORMS
  ruby

DEPENDENCIES
  colorize
  htmlentities
  httparty
  nokogiri
  sqlite3
  terminal-notifier
  terminal-table

BUNDLED WITH
   1.10.6
