GEM
  remote: https://rubygems.org/
  specs:
    colorize (0.7.5)
    htmlentities (4.3.3)
    httparty (0.21.0)
      mini_mime (>= 1.0.0)
      multi_xml (>= 0.5.2)
    mini_mime (1.1.2)
    mini_portile (0.6.2)
    multi_xml (0.6.0)
    nokogiri (1.6.6.2)
      mini_portile (~> 0.6.0)
    sqlite3 (1.3.11)
    terminal-notifier (1.6.3)
    terminal-table (1.5.2)

PLATFORMS
  ruby

DEPENDENCIES
  colorize
  htmlentities
  httparty
  nokogiri
  sqlite3
  terminal-notifier
  terminal-table

BUNDLED WITH
   1.10.6
