GEM
  remote: https://rubygems.org/
  specs:
    colorize (0.7.5)
    htmlentities (4.3.3)
    httparty (0.13.3)
      json (~> 1.8)
      multi_xml (>= 0.5.2)
    json (1.8.2)
    multi_xml (0.5.5)

PLATFORMS
  ruby

DEPENDENCIES
  colorize
  htmlentities
  httparty
